PATH
  remote: ../rspreadsheet
  specs:
    rspreadsheet (0.4.2)
      andand (~> 1.3)
      libxml-ruby (~> 2.7)
      rubyzip (~> 1.1)

GEM
  remote: https://rubygems.org/
  specs:
    andand (1.3.3)
    byebug (9.0.5)
    libxml-ruby (2.8.0)
    rubyzip (1.2.1)

PLATFORMS
  ruby

DEPENDENCIES
  byebug
  libxml-ruby (= 2.8.0)
  rspreadsheet!

BUNDLED WITH
   1.13.1
