GEM
  remote: https://rubygems.org/
  specs:
    andand (1.3.3)
    byebug (9.0.5)
    libxml-ruby (2.8.0)
    rspreadsheet (0.3)
      andand (~> 1.3)
      rubyzip (~> 1.1)
    rubyzip (1.2.1)

PLATFORMS
  ruby

DEPENDENCIES
  byebug
  libxml-ruby (= 2.8.0)
  rspreadsheet (= 0.3)

BUNDLED WITH
   1.13.1
